GEM
  remote: https://rubygems.org/
  specs:
    abbrev (0.1.2)
    actionview (8.0.1)
      activesupport (= 8.0.1)
      builder (~> 3.1)
      erubi (~> 1.11)
      rails-dom-testing (~> 2.2)
      rails-html-sanitizer (~> 1.6)
    activesupport (8.0.1)
      base64
      benchmark (>= 0.3)
      bigdecimal
      concurrent-ruby (~> 1.0, >= 1.3.1)
      connection_pool (>= 2.2.5)
      drb
      i18n (>= 1.6, < 2)
      logger (>= 1.4.2)
      minitest (>= 5.1)
      securerandom (>= 0.3)
      tzinfo (~> 2.0, >= 2.0.5)
      uri (>= 0.13.1)
    addressable (2.8.7)
      public_suffix (>= 2.0.2, < 7.0)
    ast (2.4.2)
    base64 (0.2.0)
    benchmark (0.4.0)
    better_html (2.1.1)
      actionview (>= 6.0)
      activesupport (>= 6.0)
      ast (~> 2.0)
      erubi (~> 1.4)
      parser (>= 2.4)
      smart_properties
    bigdecimal (3.1.9)
    brakeman (7.0.0)
      racc
    builder (3.3.0)
    byebug (11.1.3)
    cgi (0.4.1)
    coderay (1.1.3)
    concurrent-ruby (1.3.5)
    connection_pool (2.5.0)
    crack (1.0.0)
      bigdecimal
      rexml
    crass (1.0.6)
    csv (3.3.2)
    date (3.4.1)
    debug (1.10.0)
      irb (~> 1.10)
      reline (>= 0.3.8)
    delegate (0.4.0)
    did_you_mean (2.0.0)
    diff-lcs (1.5.1)
    digest (3.1.1)
    dnsruby (1.72.3)
      base64 (~> 0.2.0)
      simpleidn (~> 0.2.1)
    dotenv (3.1.7)
    drb (2.2.1)
    dry-configurable (1.3.0)
      dry-core (~> 1.1)
      zeitwerk (~> 2.6)
    dry-core (1.1.0)
      concurrent-ruby (~> 1.0)
      logger
      zeitwerk (~> 2.6)
    dry-inflector (1.2.0)
    dry-initializer (3.2.0)
    dry-logic (1.6.0)
      bigdecimal
      concurrent-ruby (~> 1.0)
      dry-core (~> 1.1)
      zeitwerk (~> 2.6)
    dry-schema (1.13.4)
      concurrent-ruby (~> 1.0)
      dry-configurable (~> 1.0, >= 1.0.1)
      dry-core (~> 1.0, < 2)
      dry-initializer (~> 3.0)
      dry-logic (>= 1.4, < 2)
      dry-types (>= 1.7, < 2)
      zeitwerk (~> 2.6)
    dry-types (1.8.0)
      bigdecimal (~> 3.0)
      concurrent-ruby (~> 1.0)
      dry-core (~> 1.0)
      dry-inflector (~> 1.0)
      dry-logic (~> 1.4)
      zeitwerk (~> 2.6)
    english (0.8.0)
    erb (4.0.4)
      cgi (>= 0.3.3)
    erb_lint (0.5.0)
      activesupport
      better_html (>= 2.0.1)
      parser (>= 2.7.1.4)
      rainbow
      rubocop
      smart_properties
    error_highlight (0.7.0)
    erubi (1.13.1)
    etc (1.4.5)
    ethon (0.16.0)
      ffi (>= 1.15.0)
    faraday (2.12.2)
      faraday-net_http (>= 2.0, < 3.5)
      json
      logger
    faraday-net_http (3.4.0)
      net-http (>= 0.5.0)
    fcntl (1.2.0)
    ffi (1.17.1-x64-mingw-ucrt)
    ffi (1.17.1-x86_64-linux-gnu)
    fiddle (1.1.6)
    fileutils (1.7.3)
    find (0.2.0)
    forwardable (1.3.3)
    gem-release (2.2.4)
    getoptlong (0.2.1)
    github-pages-health-check (1.18.5)
      addressable (~> 2.3)
      dnsruby (~> 1.60)
      octokit (>= 4, < 10)
      public_suffix (>= 3.0, < 7.0)
      typhoeus (~> 1.3)
    hashdiff (1.1.2)
    httparty (0.13.7)
      json (~> 1.8)
      multi_xml (>= 0.5.2)
    i18n (1.14.6)
      concurrent-ruby (~> 1.0)
    io-console (0.8.0)
    io-nonblock (0.3.1)
    io-wait (0.3.1)
    ipaddr (1.2.7)
    irb (1.14.3)
      rdoc (>= 4.0.0)
      reline (>= 0.4.2)
    json (1.8.6)
    language_server-protocol (3.17.0.3)
    logger (1.6.5)
    loofah (2.24.0)
      crass (~> 1.0.2)
      nokogiri (>= 1.12.0)
    matrix (0.4.2)
    method_source (1.1.0)
    mini_mime (1.1.5)
    minitest (5.25.4)
    multi_xml (0.7.1)
      bigdecimal (~> 3.1)
    mutex_m (0.3.0)
    net-ftp (0.3.8)
      net-protocol
      time
    net-http (0.6.0)
      uri
    net-imap (0.5.5)
      date
      net-protocol
    net-pop (0.1.2)
      net-protocol
    net-protocol (0.2.2)
      timeout
    net-smtp (0.5.0)
      net-protocol
    nkf (0.2.0)
    nokogiri (1.18.1-x64-mingw-ucrt)
      racc (~> 1.4)
    nokogiri (1.18.1-x86_64-linux-gnu)
      racc (~> 1.4)
    observer (0.1.2)
    octokit (9.2.0)
      faraday (>= 1, < 3)
      sawyer (~> 0.9)
    open-uri (0.5.0)
      stringio (= 3.1.2)
      time
      uri
    open3 (0.2.1)
    optparse (0.6.0)
    ostruct (0.6.1)
    parallel (1.26.3)
    parser (3.3.7.0)
      ast (~> 2.4.1)
      racc
    pathname (0.4.0)
    power_assert (2.0.5)
    pp (0.6.2)
      prettyprint
    prettyprint (0.2.0)
    prime (0.1.3)
      forwardable
      singleton
    prism (1.3.0)
    pry (0.14.2)
      coderay (~> 1.1)
      method_source (~> 1.0)
    pry-byebug (3.10.1)
      byebug (~> 11.0)
      pry (>= 0.13, < 0.15)
    pstore (0.1.4)
    psych (5.2.2)
      date
      stringio
    public_suffix (6.0.1)
    racc (1.8.1)
    rails-dom-testing (2.2.0)
      activesupport (>= 5.0.0)
      minitest
      nokogiri (>= 1.6)
    rails-html-sanitizer (1.6.2)
      loofah (~> 2.21)
      nokogiri (>= 1.15.7, != 1.16.7, != 1.16.6, != 1.16.5, != 1.16.4, != 1.16.3, != 1.16.2, != 1.16.1, != 1.16.0.rc1, != 1.16.0)
    rainbow (3.1.1)
    rake (13.2.1)
    rb-fsevent (0.11.2)
    rb-inotify (0.11.1)
      ffi (~> 1.0)
    rbs (3.8.1)
      logger
    rdoc (6.11.0)
      psych (>= 4.0.0)
    readline (0.0.4)
      reline
    reek (6.4.0)
      dry-schema (~> 1.13.0)
      logger (~> 1.6)
      parser (~> 3.3.0)
      rainbow (>= 2.0, < 4.0)
      rexml (~> 3.1)
    regexp_parser (2.10.0)
    reline (0.6.0)
      io-console (~> 0.5)
    resolv (0.6.0)
    resolv-replace (0.1.1)
      resolv
    rexml (3.4.0)
    rinda (0.2.0)
      drb
      forwardable
      ipaddr
    rspec (3.13.0)
      rspec-core (~> 3.13.0)
      rspec-expectations (~> 3.13.0)
      rspec-mocks (~> 3.13.0)
    rspec-core (3.13.2)
      rspec-support (~> 3.13.0)
    rspec-expectations (3.13.3)
      diff-lcs (>= 1.2.0, < 2.0)
      rspec-support (~> 3.13.0)
    rspec-mocks (3.13.2)
      diff-lcs (>= 1.2.0, < 2.0)
      rspec-support (~> 3.13.0)
    rspec-retry (0.6.2)
      rspec-core (> 3.3)
    rspec-support (3.13.2)
    rss (0.3.1)
      rexml
    rubocop (0.7.2)
      rainbow (>= 1.1.4)
    rubocop-ast (1.37.0)
      parser (>= 3.3.1.0)
    ruby-progressbar (1.13.0)
    ruby2_keywords (0.0.5)
    rubygems-update (3.6.3)
    sass (3.7.4)
      sass-listen (~> 4.0.0)
    sass-listen (4.0.0)
      rb-fsevent (~> 0.9, >= 0.9.4)
      rb-inotify (~> 0.9, >= 0.9.7)
    sawyer (0.9.2)
      addressable (>= 2.3.5)
      faraday (>= 0.17.3, < 3)
    scss_lint (0.60.0)
      sass (~> 3.5, >= 3.5.5)
    securerandom (0.4.1)
    set (1.1.1)
    shellwords (0.2.2)
    simpleidn (0.2.3)
    singleton (0.3.0)
    smart_properties (1.17.0)
    stringio (3.1.2)
    strscan (3.1.2)
    syntax_suggest (2.0.2)
    tempfile (0.3.1)
    terminal-table (1.6.0)
    test-unit (3.6.7)
      power_assert
    thor (0.19.4)
    time (0.4.1)
      date
    timeout (0.4.3)
    tmpdir (0.3.1)
      fileutils
    tsort (0.2.0)
    typeprof (0.30.1)
      rbs (>= 3.6.0)
    typhoeus (1.4.1)
      ethon (>= 0.9.0)
    tzinfo (2.0.6)
      concurrent-ruby (~> 1.0)
    un (0.3.0)
    unicode-display_width (3.1.4)
      unicode-emoji (~> 4.0, >= 4.0.4)
    unicode-emoji (4.0.4)
    uptimerobot_cmd (0.3.5)
      httparty (~> 0.13.7)
      terminal-table (~> 1.6)
      thor (~> 0.19.1)
    uri (1.0.2)
    weakref (0.1.3)
      delegate
    webmock (3.24.0)
      addressable (>= 2.8.0)
      crack (>= 0.3.2)
      hashdiff (>= 0.4.0, < 2.0.0)
    win32ole (1.9.1)
    yaml (0.4.0)
    zeitwerk (2.7.1)
    zlib (3.2.1)

PLATFORMS
  x64-mingw-ucrt
  x86_64-linux

DEPENDENCIES
  abbrev
  actionview
  activesupport
  addressable
  ast
  base64
  benchmark
  better_html
  bigdecimal
  brakeman
  builder
  bundler
  byebug
  cgi
  coderay
  concurrent-ruby
  connection_pool
  crack
  crass
  csv
  date
  debug
  delegate
  did_you_mean
  diff-lcs
  digest
  dnsruby
  dotenv
  drb
  dry-configurable
  dry-core
  dry-inflector
  dry-initializer
  dry-logic
  dry-schema
  dry-types
  english
  erb
  erb_lint
  error_highlight
  erubi
  etc
  ethon
  faraday
  faraday-net_http
  fcntl
  ffi
  fiddle
  fileutils
  find
  forwardable
  gem-release
  getoptlong
  github-pages-health-check
  hashdiff
  httparty
  i18n
  io-console
  io-nonblock
  io-wait
  ipaddr
  irb
  json
  language_server-protocol
  logger
  loofah
  matrix
  method_source
  mini_mime
  minitest
  multi_xml
  mutex_m
  net-ftp
  net-http
  net-imap
  net-pop
  net-protocol
  net-smtp
  nkf
  nokogiri
  observer
  octokit
  open-uri
  open3
  optparse
  ostruct
  parallel
  parser
  pathname
  power_assert
  pp
  prettyprint
  prime
  prism
  pry
  pry-byebug
  pstore
  psych
  public_suffix
  racc
  rails-dom-testing
  rails-html-sanitizer
  rainbow
  rake
  rb-fsevent
  rb-inotify
  rbs
  rdoc
  readline
  reek
  regexp_parser
  reline
  resolv
  resolv-replace
  rexml
  rinda
  rspec
  rspec-core
  rspec-expectations
  rspec-mocks
  rspec-retry
  rspec-support
  rss
  rubocop
  rubocop-ast
  ruby-progressbar
  ruby2_keywords
  rubygems-update
  sass
  sass-listen
  sawyer
  scss_lint
  securerandom
  set
  shellwords
  simpleidn
  singleton
  smart_properties
  stringio (= 3.1.2)
  strscan
  syntax_suggest
  tempfile
  terminal-table
  test-unit
  thor
  time
  timeout
  tmpdir
  tsort
  typeprof
  typhoeus
  tzinfo
  un
  unicode-display_width
  unicode-emoji
  uptimerobot_cmd
  uri
  weakref
  webmock
  win32ole
  yaml
  zeitwerk
  zlib

BUNDLED WITH
   2.5.23
